GEM
  remote: https://rubygems.org/
  specs:
    activemodel (6.0.2.2)
      activesupport (= 6.0.2.2)
    activerecord (6.0.2.2)
      activemodel (= 6.0.2.2)
      activesupport (= 6.0.2.2)
    activesupport (6.0.2.2)
      concurrent-ruby (~> 1.0, >= 1.0.2)
      i18n (>= 0.7, < 2)
      minitest (~> 5.1)
      tzinfo (~> 1.1)
      zeitwerk (~> 2.2)
    coderay (1.1.3)
    concurrent-ruby (1.1.6)
    i18n (1.12.0)
      concurrent-ruby (~> 1.0)
    method_source (1.0.0)
    mini_portile2 (2.8.0)
    minitest (5.16.3)
    mustermann (1.1.1)
      ruby2_keywords (~> 0.0.1)
    mysql2 (0.5.4)
    nokogiri (1.13.9)
      mini_portile2 (~> 2.8.0)
      racc (~> 1.4)
    pry (0.14.1)
      coderay (~> 1.1)
      method_source (~> 1.0)
    racc (1.6.0)
    rack (2.2.2)
    rack-protection (2.0.8.1)
      rack
    rake (13.0.6)
    require_all (3.0.0)
    ruby2_keywords (0.0.2)
    sinatra (2.0.8.1)
      mustermann (~> 1.0)
      rack (~> 2.0)
      rack-protection (= 2.0.8.1)
      tilt (~> 2.0)
    sinatra-activerecord (2.0.26)
      activerecord (>= 4.1)
      sinatra (>= 1.0)
    thread_safe (0.3.6)
    tilt (2.0.10)
    tzinfo (1.2.10)
      thread_safe (~> 0.1)
    zeitwerk (2.6.1)

PLATFORMS
  ruby

DEPENDENCIES
  activerecord (~> 6.0, >= 6.0.2.2)
  mysql2
  nokogiri
  pry
  rake
  require_all
  sinatra-activerecord

BUNDLED WITH
   2.1.4
